GEM
  remote: http://rubygems.org/
  specs:
    builder (3.0.0)
    haml (3.1.2)
    maruku (0.6.0)
      syntax (>= 1.0.0)
    rack (1.3.1)
    sequel (3.25.0)
    sinatra (1.2.6)
      rack (~> 1.1)
      tilt (>= 1.2.2, < 2.0)
    sqlite3 (1.3.3)
    syntax (1.0.0)
    tilt (1.3.2)

PLATFORMS
  ruby

DEPENDENCIES
  builder (= 3.0.0)
  haml (= 3.1.2)
  maruku (= 0.6.0)
  sequel (= 3.25.0)
  sinatra (= 1.2.6)
  sqlite3 (= 1.3.3)
  syntax (= 1.0.0)
